GEM
  remote: https://rubygems.org/
  specs:
    coderay (1.1.3)
    diffy (3.4.0)
    method_source (1.0.0)
    mini_portile2 (2.4.0)
    nokogiri (1.10.10)
      mini_portile2 (~> 2.4.0)
    pry (0.13.1)
      coderay (~> 1.1)
      method_source (~> 1.0)

PLATFORMS
  ruby

DEPENDENCIES
  diffy
  nokogiri (~> 1.10.10)
  pry

BUNDLED WITH
   2.1.4
